GEM
  specs:
    json (1.4.6)

PLATFORMS
  ruby

DEPENDENCIES
  json
